PATH
  remote: ../rspreadsheet
  specs:
    rspreadsheet (0.5.3)
      andand (>= 1.3)
      libxml-ruby (>= 3.0)
      rubyzip (>= 1.3)

GEM
  remote: https://rubygems.org/
  specs:
    andand (1.3.3)
    debug (1.5.0)
      irb (>= 1.3.6)
      reline (>= 0.2.7)
    io-console (0.5.11)
    irb (1.4.1)
      reline (>= 0.3.0)
    libxml-ruby (3.2.2)
    reline (0.3.1)
      io-console (~> 0.5)
    rubyzip (2.3.2)

PLATFORMS
  ruby

DEPENDENCIES
  debug
  libxml-ruby
  rspreadsheet!

BUNDLED WITH
   1.13.1
